GEM
  remote: https://rubygems.org/
  specs:
    ffi (1.9.25)
    rack (2.0.5)
    rack_csrf (2.6.0)
      rack (>= 1.1.0)
    rb-fsevent (0.10.3)
    rb-inotify (0.9.10)
      ffi (>= 0.5.0, < 2)
    roda (3.11.0)
      rack
    roda-symbolized_params (0.0.2)
    sass (3.5.7)
      sass-listen (~> 4.0.0)
    sass-listen (4.0.0)
      rb-fsevent (~> 0.9, >= 0.9.4)
      rb-inotify (~> 0.9, >= 0.9.7)
    tilt (2.0.8)

PLATFORMS
  ruby

DEPENDENCIES
  rack_csrf
  roda
  roda-symbolized_params
  sass
  tilt

BUNDLED WITH
   1.16.1
